PATH
  remote: .
  specs:
    backy (0.0.1)

GEM
  remote: https://rubygems.org/
  specs:
    coderay (1.1.0)
    method_source (0.8.2)
    pry (0.9.12.6)
      coderay (~> 1.0)
      method_source (~> 0.8)
      slop (~> 3.4)
    rake (0.9.6)
    slop (3.5.0)

PLATFORMS
  ruby

DEPENDENCIES
  backy!
  bundler (~> 1.5)
  pry
  rake (~> 0)
